GIT
  remote: git://github.com/datamapper/dm-active_model.git
  revision: 808a8f947798495abea9ace8ddb3d5e7a83fa545
  specs:
    dm-active_model (1.1.1)
      activemodel (~> 3.1.0)
      dm-core (~> 1.1.0)

GIT
  remote: git://github.com/datamapper/dm-aggregates.git
  revision: 3a2006aa1b011b5586c71ead38cbaf7c7de1eda4
  specs:
    dm-aggregates (1.1.1)
      dm-core (~> 1.1.0)

GIT
  remote: git://github.com/datamapper/dm-constraints.git
  revision: 28141f40716692d6ad18bd40d764f825d2c9f430
  specs:
    dm-constraints (1.1.1)
      dm-core (~> 1.1.0)

GIT
  remote: git://github.com/datamapper/dm-core.git
  revision: 4e074e477357b86003337a29ef267b59e2fe2509
  specs:
    dm-core (1.1.1)
      addressable (~> 2.2.6)

GIT
  remote: git://github.com/datamapper/dm-do-adapter.git
  revision: a650f5be17117d02c6867877b61895d22ed66beb
  specs:
    dm-do-adapter (1.1.1)
      data_objects (~> 0.10.6)
      dm-core (~> 1.1.1)

GIT
  remote: git://github.com/datamapper/dm-migrations.git
  revision: 011caeb9a20fd0071f166ba54a8d389558a3f82b
  specs:
    dm-migrations (1.1.1)
      dm-core (~> 1.1.0)

GIT
  remote: git://github.com/datamapper/dm-mysql-adapter.git
  revision: c67f36ad6db1b2a5cdae1665059904f995fbf55d
  specs:
    dm-mysql-adapter (1.1.1)
      dm-do-adapter (~> 1.1.1)
      do_mysql (~> 0.10.6)

GIT
  remote: git://github.com/datamapper/dm-observer.git
  revision: 48573b41c86a2de134c1d762c5a091646672746a
  specs:
    dm-observer (1.1.1)
      dm-core (~> 1.1.0)

GIT
  remote: git://github.com/datamapper/dm-rails.git
  revision: 09a2e95e519656497439708efa5cd5da5f2f9616
  specs:
    dm-rails (1.1.1)
      actionpack (~> 3.1.0)
      dm-active_model (~> 1.1.0)
      dm-core (~> 1.1.0)
      railties (~> 3.1.0)

GIT
  remote: git://github.com/datamapper/dm-sqlite-adapter.git
  revision: f7e46ec859fae35e8826b5f3fbf86788f3571862
  specs:
    dm-sqlite-adapter (1.1.1)
      dm-do-adapter (~> 1.1.1)
      do_sqlite3 (~> 0.10.6)

GIT
  remote: git://github.com/datamapper/dm-timestamps.git
  revision: d786df5607a2b458eb161019d4d5cfee7b586a88
  specs:
    dm-timestamps (1.1.1)
      dm-core (~> 1.1.0)

GIT
  remote: git://github.com/datamapper/dm-transactions.git
  revision: c82b4e07fab95dc8eb3ae8a32fe0c78c47b78e88
  specs:
    dm-transactions (1.1.1)
      dm-core (~> 1.1.0)

GIT
  remote: git://github.com/datamapper/dm-types.git
  revision: 62efa7554452a29cf1c501ae72d7d3d9ef4db619
  specs:
    dm-types (1.1.1)
      bcrypt-ruby (~> 3.0.0)
      dm-core (~> 1.1.0)
      fastercsv (~> 1.5.4)
      json (~> 1.5.4)
      multi_json (~> 1.0.3)
      stringex (~> 1.3.0)
      uuidtools (~> 2.1.2)

GIT
  remote: git://github.com/datamapper/dm-validations.git
  revision: fe7536db3207e2f088b55e08071600de1159ba45
  specs:
    dm-validations (1.1.1)
      dm-core (~> 1.1.0)

GEM
  remote: http://rubygems.org/
  specs:
    actionmailer (3.1.0)
      actionpack (= 3.1.0)
      mail (~> 2.3.0)
    actionpack (3.1.0)
      activemodel (= 3.1.0)
      activesupport (= 3.1.0)
      builder (~> 3.0.0)
      erubis (~> 2.7.0)
      i18n (~> 0.6)
      rack (~> 1.3.2)
      rack-cache (~> 1.0.3)
      rack-mount (~> 0.8.2)
      rack-test (~> 0.6.1)
      sprockets (~> 2.0.0)
    activemodel (3.1.0)
      activesupport (= 3.1.0)
      bcrypt-ruby (~> 3.0.0)
      builder (~> 3.0.0)
      i18n (~> 0.6)
    activesupport (3.1.0)
      multi_json (~> 1.0)
    addressable (2.2.6)
    bcrypt-ruby (3.0.0)
    builder (3.0.0)
    data_objects (0.10.6)
      addressable (~> 2.1)
    do_mysql (0.10.6)
      data_objects (= 0.10.6)
    do_sqlite3 (0.10.6)
      data_objects (= 0.10.6)
    erubis (2.7.0)
    fastercsv (1.5.4)
    hike (1.2.1)
    i18n (0.6.0)
    json (1.5.4)
    mail (2.3.0)
      i18n (>= 0.4.0)
      mime-types (~> 1.16)
      treetop (~> 1.4.8)
    mime-types (1.16)
    multi_json (1.0.3)
    mysql2 (0.3.7)
    polyglot (0.3.2)
    rack (1.3.2)
    rack-cache (1.0.3)
      rack (>= 0.4)
    rack-mount (0.8.3)
      rack (>= 1.0.0)
    rack-ssl (1.3.2)
      rack
    rack-test (0.6.1)
      rack (>= 1.0)
    railties (3.1.0)
      actionpack (= 3.1.0)
      activesupport (= 3.1.0)
      rack-ssl (~> 1.3.2)
      rake (>= 0.8.7)
      rdoc (~> 3.4)
      thor (~> 0.14.6)
    rake (0.9.2)
    rdoc (3.9.4)
    sprockets (2.0.0)
      hike (~> 1.2)
      rack (~> 1.0)
      tilt (!= 1.3.0, ~> 1.1)
    stringex (1.3.0)
    thor (0.14.6)
    tilt (1.3.3)
    treetop (1.4.10)
      polyglot
      polyglot (>= 0.3.1)
    tzinfo (0.3.29)
    uuidtools (2.1.2)

PLATFORMS
  ruby

DEPENDENCIES
  actionmailer (~> 3.1.0)
  actionpack (~> 3.1.0)
  activesupport (~> 3.1.0)
  dm-active_model!
  dm-aggregates!
  dm-constraints!
  dm-core!
  dm-do-adapter!
  dm-migrations!
  dm-mysql-adapter!
  dm-observer!
  dm-rails!
  dm-sqlite-adapter!
  dm-timestamps!
  dm-transactions!
  dm-types!
  dm-validations!
  mysql2
  railties (~> 3.1.0)
  tzinfo
